GEM
  remote: http://rubygems.org/
  specs:
    coderay (1.1.3)
    colorize (0.8.1)
    csv (3.1.7)
    method_source (1.0.0)
    mustermann (1.1.1)
      ruby2_keywords (~> 0.0.1)
    pry (0.13.1)
      coderay (~> 1.1)
      method_source (~> 1.0)
    rack (2.2.3)
    rack-protection (2.1.0)
      rack
    require_all (3.0.0)
    ruby2_keywords (0.0.2)
    sinatra (2.1.0)
      mustermann (~> 1.0)
      rack (~> 2.2)
      rack-protection (= 2.1.0)
      tilt (~> 2.0)
    tilt (2.0.10)

PLATFORMS
  ruby

DEPENDENCIES
  colorize
  csv
  pry
  require_all
  sinatra (~> 2.1.0)

RUBY VERSION
   ruby 2.7.1p83

BUNDLED WITH
   2.1.4
