GEM
  remote: http://rubygems.org/
  specs:
    coderay (1.1.3)
    csv (3.1.7)
    method_source (1.0.0)
    pry (0.13.1)
      coderay (~> 1.1)
      method_source (~> 1.0)

PLATFORMS
  ruby

DEPENDENCIES
  csv
  pry

RUBY VERSION
   ruby 2.7.1p83

BUNDLED WITH
   2.1.4
